GIT
  remote: https://github.com/DatabaseCleaner/database_cleaner
  revision: 5ab507c613764c36b007a796d5195cc9b875090b
  branch: v2.0.0.beta
  specs:
    database_cleaner-core (2.0.0.beta)

PATH
  remote: .
  specs:
    database_cleaner-mongoid (1.8.1)
      database_cleaner-core (= 2.0.0.beta)
      mongoid

GEM
  remote: https://rubygems.org/
  specs:
    activemodel (5.2.4.1)
      activesupport (= 5.2.4.1)
    activesupport (5.2.4.1)
      concurrent-ruby (~> 1.0, >= 1.0.2)
      i18n (>= 0.7, < 2)
      minitest (~> 5.1)
      tzinfo (~> 1.1)
    bson (4.7.1)
    byebug (11.1.1)
    concurrent-ruby (1.1.5)
    diff-lcs (1.3)
    i18n (1.8.2)
      concurrent-ruby (~> 1.0)
    minitest (5.14.0)
    mongo (2.11.3)
      bson (>= 4.4.2, < 5.0.0)
    mongoid (7.0.5)
      activemodel (>= 5.1, < 6.1)
      mongo (>= 2.5.1, < 3.0.0)
    rake (13.0.1)
    rspec (3.9.0)
      rspec-core (~> 3.9.0)
      rspec-expectations (~> 3.9.0)
      rspec-mocks (~> 3.9.0)
    rspec-core (3.9.1)
      rspec-support (~> 3.9.1)
    rspec-expectations (3.9.0)
      diff-lcs (>= 1.2.0, < 2.0)
      rspec-support (~> 3.9.0)
    rspec-mocks (3.9.1)
      diff-lcs (>= 1.2.0, < 2.0)
      rspec-support (~> 3.9.0)
    rspec-support (3.9.2)
    thread_safe (0.3.6)
    tzinfo (1.2.6)
      thread_safe (~> 0.1)

PLATFORMS
  ruby

DEPENDENCIES
  activesupport (~> 5.2)
  bundler
  byebug
  database_cleaner-core!
  database_cleaner-mongoid!
  rake
  rspec

BUNDLED WITH
   1.17.3
